GEM
  remote: http://rubygems.org/
  specs:
    ZenTest (4.8.2)
    autotest-fsevent (0.2.8)
      sys-uname
    autotest-growl (0.2.16)
    autotest-screen (0.1.0.1)
    columnize (0.3.6)
    debugger (1.2.1)
      columnize (>= 0.3.1)
      debugger-linecache (~> 1.1.1)
      debugger-ruby_core_source (~> 1.1.4)
    debugger-linecache (1.1.2)
      debugger-ruby_core_source (>= 1.1.1)
    debugger-ruby_core_source (1.1.4)
    diff-lcs (1.1.3)
    ffi (1.1.5)
    git (1.2.5)
    jeweler (1.8.4)
      bundler (~> 1.0)
      git (>= 1.2.5)
      rake
      rdoc
    json (1.7.5)
    multi_json (1.3.7)
    openbabel (2.3.1.8)
    racc (1.4.9)
    rake (0.9.2.2)
    rcov (1.0.0)
    rdoc (3.12)
      json (~> 1.4)
    rspec (2.11.0)
      rspec-core (~> 2.11.0)
      rspec-expectations (~> 2.11.0)
      rspec-mocks (~> 2.11.0)
    rspec-core (2.11.1)
    rspec-expectations (2.11.3)
      diff-lcs (~> 1.1.3)
    rspec-mocks (2.11.3)
    simplecov (0.7.1)
      multi_json (~> 1.0)
      simplecov-html (~> 0.7.1)
    simplecov-html (0.7.1)
    sys-uname (0.9.0)
      ffi (>= 1.0.0)

PLATFORMS
  ruby

DEPENDENCIES
  ZenTest (~> 4.8.2)
  autotest-fsevent
  autotest-growl
  autotest-screen (~> 0.1.0)
  bundler (~> 1.2.1)
  debugger (~> 1.2)
  jeweler (~> 1.8.3)
  openbabel (~> 2.3.1.8)
  racc (~> 1.4)
  rcov (~> 1.0.0)
  rdoc (~> 3.12)
  rspec (~> 2.11.0)
  simplecov (~> 0.7.1)
