GEM
  remote: http://rubygems.org/
  specs:
    ZenTest (4.6.2)
    autotest-screen (0.1.0.1)
    diff-lcs (1.1.3)
    git (1.2.5)
    jeweler (1.8.4)
      bundler (~> 1.0)
      git (>= 1.2.5)
      rake
      rdoc
    json (1.7.5)
    multi_json (1.3.6)
    rake (0.9.2.2)
    rake-compiler (0.8.1)
      rake
    rcov (0.9.11)
    rdoc (3.12)
      json (~> 1.4)
    rspec (2.8.0)
      rspec-core (~> 2.8.0)
      rspec-expectations (~> 2.8.0)
      rspec-mocks (~> 2.8.0)
    rspec-core (2.8.0)
    rspec-expectations (2.8.0)
      diff-lcs (~> 1.1.2)
    rspec-mocks (2.8.0)
    simplecov (0.6.4)
      multi_json (~> 1.0)
      simplecov-html (~> 0.5.3)
    simplecov-html (0.5.3)

PLATFORMS
  ruby

DEPENDENCIES
  ZenTest (~> 4.6.2)
  autotest-screen (~> 0.1.0.1)
  bundler (~> 1.1.4)
  jeweler (~> 1.8.3)
  rake-compiler (~> 0.8.0)
  rcov (~> 0.9.11)
  rdoc (~> 3.12)
  rspec (~> 2.8.0)
  simplecov (~> 0.6.1)
