GIT
  remote: git://github.com/ktns/rspec-expectations.git
  revision: a6dfb8e3c5f9a7f64f56a72e7ab8d52de4306983
  branch: fix-2.13
  specs:
    rspec-expectations (2.13.0)
      diff-lcs (>= 1.1.3, < 2.0)

GEM
  remote: http://rubygems.org/
  specs:
    ZenTest (4.9.1)
    archive-tar-minitar (0.5.2)
    autotest (4.4.6)
      ZenTest (>= 4.4.1)
    autotest-growl (0.2.16)
    autotest-inotify (0.0.6)
      autotest (>= 4.2.4)
      rb-inotify
    autotest-tmux (1.4.0)
      autotest
      autotest (>= 4.4.1)
      jeweler
      rake
      rspec (>= 2.0.0)
    backports (2.6.7)
    columnize (0.3.6)
    diff-lcs (1.2.4)
    ffi (1.8.1)
    git (1.2.5)
    jeweler (1.8.4)
      bundler (~> 1.0)
      git (>= 1.2.5)
      rake
      rdoc
    json (1.7.7)
    linecache (0.46)
      rbx-require-relative (> 0.0.4)
    linecache19 (0.5.12)
      ruby_core_source (>= 0.1.4)
    multi_json (1.7.2)
    openbabel (2.3.1.8)
    racc (1.4.9)
    rake (10.0.4)
    rb-inotify (0.9.0)
      ffi (>= 0.5.0)
    rbx-require-relative (0.0.9)
    rcov (1.0.0)
    rdoc (4.0.1)
      json (~> 1.4)
    rspec (2.13.0)
      rspec-core (~> 2.13.0)
      rspec-expectations (~> 2.13.0)
      rspec-mocks (~> 2.13.0)
    rspec-core (2.13.1)
    rspec-mocks (2.13.1)
    ruby-debug (0.10.4)
      columnize (>= 0.1)
      ruby-debug-base (~> 0.10.4.0)
    ruby-debug-base (0.10.4)
      linecache (>= 0.3)
    ruby-debug-base19 (0.11.25)
      columnize (>= 0.3.1)
      linecache19 (>= 0.5.11)
      ruby_core_source (>= 0.1.4)
    ruby-debug19 (0.11.6)
      columnize (>= 0.3.1)
      linecache19 (>= 0.5.11)
      ruby-debug-base19 (>= 0.11.19)
    ruby-prof (0.13.0)
    ruby_core_source (0.1.5)
      archive-tar-minitar (>= 0.5.2)
    simplecov (0.7.1)
      multi_json (~> 1.0)
      simplecov-html (~> 0.7.1)
    simplecov-html (0.7.1)

PLATFORMS
  ruby

DEPENDENCIES
  ZenTest
  autotest-growl
  autotest-inotify
  autotest-tmux
  backports (~> 2.6.5)
  bundler (~> 1.3.5)
  jeweler (~> 1.8.4)
  openbabel (~> 2.3.1.8)
  racc (~> 1.4)
  rcov (~> 1.0.0)
  rdoc (~> 4.0)
  rspec (~> 2.13.0)
  rspec-expectations!
  ruby-debug
  ruby-debug19
  ruby-prof
  simplecov (~> 0.7.1)
